GIT
  remote: git@github.com:nonmadden/refile
  revision: d7a42dcd7cf631ba94b01231f535bda061f6af92
  specs:
    refile (0.6.2)
      mime-types
      rest-client (~> 1.8)
      sinatra (>= 1.4.5)

GIT
  remote: git@github.com:nonmadden/refile-mini_magick
  revision: 9c74f7b61c794837a02af3f21d1be96286b7ce4d
  specs:
    refile-mini_magick (0.2.0)
      mini_magick (~> 4.0)
      refile (~> 0.5)

GIT
  remote: git@github.com:nonmadden/sinatra
  revision: af6dad2a6c31e31617712b15f455b2a3d3eb1c06
  branch: master
  specs:
    rack-protection (2.0.0.beta2)
      rack
    sinatra (2.0.0.beta2)
      mustermann (= 1.0.0.beta2)
      rack (~> 2.0)
      rack-protection (= 2.0.0.beta2)
      tilt (~> 2.0)

GIT
  remote: https://github.com/capistrano/rbenv
  revision: 368771f7e7dc30d337fbe6e704879484b656472b
  specs:
    capistrano-rbenv (2.1.0)
      capistrano (~> 3.1)
      sshkit (~> 1.3)

GIT
  remote: https://github.com/nonmadden/json
  revision: c7a6e31f3abde6efbf0629dea68b43bebb62c94a
  branch: v1.8
  specs:
    json (1.8.5)

GIT
  remote: https://github.com/nonmadden/paperclip
  revision: beca5c8b2501cccc7ebd0c6d8ad4327236c2d9e3
  specs:
    paperclip (5.1.0)
      activemodel (>= 4.2.0)
      activesupport (>= 4.2.0)
      cocaine (~> 0.5.5)
      mime-types
      mimemagic (~> 0.3.0)

GIT
  remote: https://github.com/nonmadden/paranoia
  revision: d70c4c5a7098d4c8416332489e3f63b0a959ab97
  branch: rails5
  specs:
    paranoia (2.2.0.pre)
      activerecord (>= 4.0, < 5.1)

GIT
  remote: https://github.com/rspec/rspec-core.git
  revision: 2a85e718b3638c4ccf14298734377b4f4d3c9882
  branch: master
  specs:
    rspec-core (3.6.0.beta2)
      rspec-support (= 3.6.0.beta2)

GIT
  remote: https://github.com/rspec/rspec-expectations.git
  revision: c5bb6cabf9d095ed4ccc4b89ccb41abe4f570164
  branch: master
  specs:
    rspec-expectations (3.6.0.beta2)
      diff-lcs (>= 1.2.0, < 2.0)
      rspec-support (= 3.6.0.beta2)

GIT
  remote: https://github.com/rspec/rspec-mocks.git
  revision: 2d67315c09e8d21a470f25d511bbdea287d89c4c
  branch: master
  specs:
    rspec-mocks (3.6.0.beta2)
      diff-lcs (>= 1.2.0, < 2.0)
      rspec-support (= 3.6.0.beta2)

GIT
  remote: https://github.com/rspec/rspec-rails.git
  revision: 82340ffc774bd305fe94f8f395c1716dfe9e0c7f
  branch: master
  specs:
    rspec-rails (3.6.0.beta2)
      actionpack (>= 3.0)
      activesupport (>= 3.0)
      railties (>= 3.0)
      rspec-core (= 3.6.0.beta2)
      rspec-expectations (= 3.6.0.beta2)
      rspec-mocks (= 3.6.0.beta2)
      rspec-support (= 3.6.0.beta2)

GIT
  remote: https://github.com/rspec/rspec-support.git
  revision: 7d13228532c1138bd30013700c4a36ba19e430bd
  branch: master
  specs:
    rspec-support (3.6.0.beta2)

GEM
  remote: https://rubygems.org/
  remote: https://rails-assets.org/
  specs:
    actioncable (5.0.1)
      actionpack (= 5.0.1)
      nio4r (~> 1.2)
      websocket-driver (~> 0.6.1)
    actionmailer (5.0.1)
      actionpack (= 5.0.1)
      actionview (= 5.0.1)
      activejob (= 5.0.1)
      mail (~> 2.5, >= 2.5.4)
      rails-dom-testing (~> 2.0)
    actionpack (5.0.1)
      actionview (= 5.0.1)
      activesupport (= 5.0.1)
      rack (~> 2.0)
      rack-test (~> 0.6.3)
      rails-dom-testing (~> 2.0)
      rails-html-sanitizer (~> 1.0, >= 1.0.2)
    actionview (5.0.1)
      activesupport (= 5.0.1)
      builder (~> 3.1)
      erubis (~> 2.7.0)
      rails-dom-testing (~> 2.0)
      rails-html-sanitizer (~> 1.0, >= 1.0.2)
    active_model_serializers (0.10.4)
      actionpack (>= 4.1, < 6)
      activemodel (>= 4.1, < 6)
      case_transform (>= 0.2)
      jsonapi (= 0.1.1.beta6)
    activejob (5.0.1)
      activesupport (= 5.0.1)
      globalid (>= 0.3.6)
    activemodel (5.0.1)
      activesupport (= 5.0.1)
    activemodel-serializers-xml (1.0.1)
      activemodel (> 5.x)
      activerecord (> 5.x)
      activesupport (> 5.x)
      builder (~> 3.1)
    activerecord (5.0.1)
      activemodel (= 5.0.1)
      activesupport (= 5.0.1)
      arel (~> 7.0)
    activesupport (5.0.1)
      concurrent-ruby (~> 1.0, >= 1.0.2)
      i18n (~> 0.7)
      minitest (~> 5.1)
      tzinfo (~> 1.1)
    addressable (2.5.0)
      public_suffix (~> 2.0, >= 2.0.2)
    airbrussh (1.1.2)
      sshkit (>= 1.6.1, != 1.7.0)
    annotate (2.7.1)
      activerecord (>= 3.2, < 6.0)
      rake (>= 10.4, < 12.0)
    arel (7.1.4)
    aws-sdk (2.7.3)
      aws-sdk-resources (= 2.7.3)
    aws-sdk-core (2.7.3)
      aws-sigv4 (~> 1.0)
      jmespath (~> 1.0)
    aws-sdk-resources (2.7.3)
      aws-sdk-core (= 2.7.3)
    aws-sigv4 (1.0.0)
    axiom-types (0.1.1)
      descendants_tracker (~> 0.0.4)
      ice_nine (~> 0.11.0)
      thread_safe (~> 0.3, >= 0.3.1)
    axlsx (2.0.1)
      htmlentities (~> 4.3.1)
      nokogiri (>= 1.4.1)
      rubyzip (~> 1.0.0)
    axlsx_rails (0.5.0)
      actionpack (>= 3.1)
      axlsx (>= 2.0.1)
    babel-source (5.8.35)
    babel-transpiler (0.7.0)
      babel-source (>= 4.0, < 6)
      execjs (~> 2.0)
    bcrypt (3.1.11)
    better_errors (2.1.1)
      coderay (>= 1.0.0)
      erubis (>= 2.6.6)
      rack (>= 0.9.0)
    binding_of_caller (0.7.2)
      debug_inspector (>= 0.0.1)
    builder (3.2.3)
    byebug (9.0.6)
    callsite (0.0.11)
    capistrano (3.7.2)
      airbrussh (>= 1.0.0)
      capistrano-harrow
      i18n
      rake (>= 10.0.0)
      sshkit (>= 1.9.0)
    capistrano-bundler (1.1.4)
      capistrano (~> 3.1)
      sshkit (~> 1.2)
    capistrano-harrow (0.5.3)
    capistrano-rails (1.2.2)
      capistrano (~> 3.1)
      capistrano-bundler (~> 1.1)
    capybara (2.12.0)
      addressable
      mime-types (>= 1.16)
      nokogiri (>= 1.3.3)
      rack (>= 1.0.0)
      rack-test (>= 0.5.4)
      xpath (~> 2.0)
    capybara-webkit (1.12.0)
      capybara (>= 2.3.0, < 2.13.0)
      json
    case_transform (0.2)
      activesupport
    chunky_png (1.3.8)
    climate_control (0.1.0)
    cliver (0.3.2)
    cocaine (0.5.8)
      climate_control (>= 0.0.3, < 1.0)
    cocoon (1.2.9)
    coderay (1.1.1)
    coercible (1.0.0)
      descendants_tracker (~> 0.0.1)
    coffee-rails (4.2.1)
      coffee-script (>= 2.2.0)
      railties (>= 4.0.0, < 5.2.x)
    coffee-script (2.4.1)
      coffee-script-source
      execjs
    coffee-script-source (1.12.2)
    concurrent-ruby (1.0.4)
    connection_pool (2.2.1)
    database_cleaner (1.5.3)
    debug_inspector (0.0.2)
    descendants_tracker (0.0.4)
      thread_safe (~> 0.3, >= 0.3.1)
    devise (4.2.0)
      bcrypt (~> 3.0)
      orm_adapter (~> 0.1)
      railties (>= 4.1.0, < 5.1)
      responders
      warden (~> 1.2.3)
    devise-async (0.7.0)
      devise (>= 2.2)
    diff-lcs (1.3)
    digest-crc (0.4.1)
    docile (1.1.5)
    domain_name (0.5.20161129)
      unf (>= 0.0.5, < 1.0.0)
    dragonfly (1.0.12)
      addressable (~> 2.3)
      multi_json (~> 1.0)
      rack (>= 1.3.0)
    enumerable-lazy (0.0.2)
    enumerize (2.0.1)
      activesupport (>= 3.2)
    equalizer (0.0.11)
    erubis (2.7.0)
    execjs (2.7.0)
    factory_girl (4.8.0)
      activesupport (>= 3.0.0)
    factory_girl_rails (4.8.0)
      factory_girl (~> 4.8.0)
      railties (>= 3.0.0)
    faker (1.7.3)
      i18n (~> 0.5)
    faraday (0.10.1)
      multipart-post (>= 1.2, < 3)
    ffaker (2.4.0)
    ffi (1.9.17)
    figaro (1.1.1)
      thor (~> 0.14)
    firebase (0.2.6)
      httpclient
      json
    foreman (0.83.0)
      thor (~> 0.19.1)
    formatador (0.2.5)
    friendly_id (5.1.0)
      activerecord (>= 4.0.0)
    gcloud (0.23.0)
      google-cloud (~> 0.23)
    globalid (0.3.7)
      activesupport (>= 4.1.0)
    google-api-client (0.9.26)
      addressable (~> 2.3)
      googleauth (~> 0.5)
      httpclient (~> 2.7)
      hurley (~> 0.1)
      memoist (~> 0.11)
      mime-types (>= 1.6)
      representable (~> 2.3.0)
      retriable (~> 2.0)
    google-cloud (0.24.0)
      google-cloud-bigquery (~> 0.23.0)
      google-cloud-datastore (~> 0.23.0)
      google-cloud-dns (~> 0.21.0)
      google-cloud-error_reporting (~> 0.22.0)
      google-cloud-language (~> 0.23.0)
      google-cloud-logging (~> 0.23.0)
      google-cloud-monitoring (~> 0.22.0)
      google-cloud-pubsub (~> 0.22.0)
      google-cloud-resource_manager (~> 0.21.0)
      google-cloud-speech (~> 0.21.0)
      google-cloud-storage (~> 0.23.0)
      google-cloud-trace (~> 0.22.0)
      google-cloud-translate (~> 0.22.0)
      google-cloud-vision (~> 0.21.0)
    google-cloud-bigquery (0.23.0)
      google-api-client (~> 0.9.18)
      google-cloud-core (~> 0.21.0)
    google-cloud-core (0.21.1)
      googleauth (~> 0.5.1)
    google-cloud-datastore (0.23.0)
      google-cloud-core (~> 0.21.0)
      google-gax (~> 0.6.0)
      google-protobuf (~> 3.0)
      googleapis-common-protos (~> 1.3)
      grpc (~> 1.0)
    google-cloud-dns (0.21.0)
      google-api-client (~> 0.9.11)
      google-cloud-core (~> 0.21.0)
      zonefile (~> 1.04)
    google-cloud-error_reporting (0.22.0)
      google-cloud-core (~> 0.21.0)
      google-gax (~> 0.6.0)
      google-protobuf (~> 3.0)
      googleapis-common-protos (~> 1.3)
      grpc (~> 1.0)
    google-cloud-language (0.23.0)
      google-cloud-core (~> 0.21.0)
      google-gax (~> 0.6.0)
      google-protobuf (~> 3.0)
      googleapis-common-protos (~> 1.3)
      grpc (~> 1.0)
    google-cloud-logging (0.23.2)
      google-cloud-core (~> 0.21.1)
      google-gax (~> 0.6.0)
      google-protobuf (~> 3.0)
      googleapis-common-protos (~> 1.3)
      grpc (~> 1.0)
      orderedhash (= 0.0.6)
      stackdriver-core (~> 0.21.0)
    google-cloud-monitoring (0.22.0)
      google-gax (~> 0.6.0)
      google-protobuf (~> 3.0)
      googleapis-common-protos (~> 1.3)
      grpc (~> 1.0)
    google-cloud-pubsub (0.22.0)
      google-cloud-core (~> 0.21.0)
      google-gax (~> 0.6.0)
      google-protobuf (~> 3.0)
      googleapis-common-protos (~> 1.3)
      grpc (~> 1.0)
      grpc-google-iam-v1 (~> 0.6.8)
    google-cloud-resource_manager (0.21.0)
      google-api-client (~> 0.9.11)
      google-cloud-core (~> 0.21.0)
    google-cloud-speech (0.21.1)
      google-cloud-core (~> 0.21.0)
      google-gax (~> 0.6.0)
      google-protobuf (~> 3.0)
      googleapis-common-protos (~> 1.3)
      grpc (~> 1.0)
    google-cloud-storage (0.23.1)
      digest-crc (~> 0.4)
      google-api-client (~> 0.9.11)
      google-cloud-core (~> 0.21.0)
    google-cloud-trace (0.22.0)
      google-cloud-core (~> 0.21.1)
      google-gax (~> 0.6.0)
      google-protobuf (~> 3.0)
      googleapis-common-protos (~> 1.3)
      grpc (~> 1.0)
      stackdriver-core (~> 0.21.0)
    google-cloud-translate (0.22.2)
      google-cloud-core (~> 0.21.0)
      googleauth (~> 0.5.1)
    google-cloud-vision (0.21.1)
      google-cloud-core (~> 0.21.0)
      google-gax (~> 0.6.0)
      google-protobuf (~> 3.0)
      googleapis-common-protos (~> 1.3)
      grpc (~> 1.0)
    google-gax (0.6.0)
      googleapis-common-protos (~> 1.3.1)
      googleauth (~> 0.5.1)
      grpc (~> 1.0)
      rly (~> 0.2.3)
    google-protobuf (3.0.2)
    googleapis-common-protos (1.3.4)
      google-protobuf (~> 3.0)
      grpc (~> 1.0)
    googleauth (0.5.1)
      faraday (~> 0.9)
      jwt (~> 1.4)
      logging (~> 2.0)
      memoist (~> 0.12)
      multi_json (~> 1.11)
      os (~> 0.9)
      signet (~> 0.7)
    grape (0.17.0)
      activesupport
      builder
      hashie (>= 2.1.0)
      multi_json (>= 1.3.2)
      multi_xml (>= 0.5.2)
      mustermann19 (~> 0.4.3)
      rack (>= 1.3.0)
      rack-accept
      virtus (>= 1.0.0)
    grape-active_model_serializers (1.5.0)
      active_model_serializers (>= 0.10.0)
      grape (>= 0.8.0)
    grape-entity (0.6.1)
      activesupport (>= 5.0.0)
      multi_json (>= 1.3.2)
    grape-swagger (0.26.1)
      grape (>= 0.16.2)
    grape-swagger-rails (0.3.0)
      railties (>= 3.2.12)
    grpc (1.0.1)
      google-protobuf (~> 3.0.2)
      googleauth (~> 0.5.1)
    grpc-google-iam-v1 (0.6.8)
      googleapis-common-protos (~> 1.3.1)
      googleauth (~> 0.5.1)
      grpc (~> 1.0)
    guard (2.14.1)
      formatador (>= 0.2.4)
      listen (>= 2.7, < 4.0)
      lumberjack (~> 1.0)
      nenv (~> 0.1)
      notiffany (~> 0.0)
      pry (>= 0.9.12)
      shellany (~> 0.0)
      thor (>= 0.18.1)
    guard-rspec (1.2.2)
      guard (>= 1.1)
    has_scope (0.7.0)
      actionpack (>= 4.1, < 5.1)
      activesupport (>= 4.1, < 5.1)
    hashie (3.5.1)
    hashie-forbidden_attributes (0.1.1)
      hashie (>= 3.0)
    htmlentities (4.3.4)
    http-cookie (1.0.3)
      domain_name (~> 0.5)
    httpclient (2.8.3)
    hurley (0.2)
    i18n (0.7.0)
    ice_nine (0.11.2)
    jbuilder (2.6.1)
      activesupport (>= 3.0.0, < 5.1)
      multi_json (~> 1.2)
    jmespath (1.3.1)
    jsonapi (0.1.1.beta6)
      jsonapi-parser (= 0.1.1.beta3)
      jsonapi-renderer (= 0.1.1.beta1)
    jsonapi-parser (0.1.1.beta3)
    jsonapi-renderer (0.1.1.beta1)
    jwt (1.5.6)
    kaminari (1.0.1)
      activesupport (>= 4.1.0)
      kaminari-actionview (= 1.0.1)
      kaminari-activerecord (= 1.0.1)
      kaminari-core (= 1.0.1)
    kaminari-actionview (1.0.1)
      actionview
      kaminari-core (= 1.0.1)
    kaminari-activerecord (1.0.1)
      activerecord
      kaminari-core (= 1.0.1)
    kaminari-core (1.0.1)
    kgio (2.11.0)
    knock (2.1)
      bcrypt (~> 3.1)
      jwt (~> 1.5)
      rails (>= 4.2)
    koala (2.4.0)
      addressable
      faraday
      multi_json (>= 1.3.0)
    launchy (2.4.3)
      addressable (~> 2.3)
    libv8 (5.3.332.38.3)
    listen (3.0.8)
      rb-fsevent (~> 0.9, >= 0.9.4)
      rb-inotify (~> 0.9, >= 0.9.7)
    little-plugger (1.1.4)
    logging (2.1.0)
      little-plugger (~> 1.1)
      multi_json (~> 1.10)
    loofah (2.0.3)
      nokogiri (>= 1.5.9)
    lumberjack (1.0.11)
    mail (2.6.4)
      mime-types (>= 1.16, < 4)
    mailgun (0.11)
    memoist (0.15.0)
    meta-tags (2.4.0)
      actionpack (>= 3.2.0, <= 5.1.0)
    meta_request (0.4.0)
      callsite (~> 0.0, >= 0.0.11)
      rack-contrib (~> 1.1)
      railties (>= 3.0.0, < 5.1.0)
    method_source (0.8.2)
    mime-types (2.99.3)
    mimemagic (0.3.2)
    mini_magick (4.6.0)
    mini_portile2 (2.1.0)
    mini_racer (0.1.8)
      libv8 (~> 5.3)
    minitest (5.10.1)
    mixpanel-ruby (2.2.0)
    monetize (1.6.0)
      money (~> 6.8)
    money (6.8.1)
      i18n (>= 0.6.4, <= 0.7.0)
      sixarm_ruby_unaccent (>= 1.1.1, < 2)
    money-rails (1.8.0)
      activesupport (>= 3.0)
      monetize (~> 1.6.0)
      money (~> 6.8.1)
      railties (>= 3.0)
    multi_json (1.12.1)
    multi_xml (0.6.0)
    multipart-post (2.0.0)
    mustermann (1.0.0.beta2)
    mustermann19 (0.4.4)
      enumerable-lazy
    nenv (0.3.0)
    net-scp (1.2.1)
      net-ssh (>= 2.6.5)
    net-ssh (4.0.1)
    netrc (0.11.0)
    nio4r (1.2.1)
    nokogiri (1.7.0.1)
      mini_portile2 (~> 2.1.0)
    notiffany (0.1.1)
      nenv (~> 0.1)
      shellany (~> 0.0)
    oauth2 (1.3.0)
      faraday (>= 0.8, < 0.11)
      jwt (~> 1.0)
      multi_json (~> 1.3)
      multi_xml (~> 0.5)
      rack (>= 1.2, < 3)
    omise (0.5.0)
      json (~> 1.8.1)
      rest-client (~> 1.8.0)
    omniauth (1.4.0)
      hashie (>= 1.2, < 4)
      rack (>= 1.0, < 3)
    omniauth-facebook (4.0.0)
      omniauth-oauth2 (~> 1.2)
    omniauth-oauth2 (1.4.0)
      oauth2 (~> 1.0)
      omniauth (~> 1.2)
    one_signal (1.2.0)
    open_uri_redirections (0.2.1)
    orderedhash (0.0.6)
    orm_adapter (0.5.0)
    os (0.9.6)
    paperclip-ffmpeg (1.2.0)
      paperclip (>= 2.5.2)
      rails
    pg (0.19.0)
    poltergeist (1.13.0)
      capybara (~> 2.1)
      cliver (~> 0.3.1)
      websocket-driver (>= 0.2.0)
    pry (0.10.4)
      coderay (~> 1.1.0)
      method_source (~> 0.8.1)
      slop (~> 3.4)
    pry-nav (0.2.4)
      pry (>= 0.9.10, < 0.11.0)
    pry-rails (0.3.4)
      pry (>= 0.9.10)
    pry-stack_explorer (0.4.9.2)
      binding_of_caller (>= 0.7)
      pry (>= 0.9.11)
    pry-theme (1.2.0)
      coderay (~> 1.1)
    public_suffix (2.0.5)
    puma (3.7.0)
    rack (2.0.1)
    rack-accept (0.4.5)
      rack (>= 0.4)
    rack-attack (5.0.1)
      rack
    rack-contrib (1.2.0)
      rack (>= 0.9.1)
    rack-cors (0.4.1)
    rack-test (0.6.3)
      rack (>= 1.0)
    rails (5.0.1)
      actioncable (= 5.0.1)
      actionmailer (= 5.0.1)
      actionpack (= 5.0.1)
      actionview (= 5.0.1)
      activejob (= 5.0.1)
      activemodel (= 5.0.1)
      activerecord (= 5.0.1)
      activesupport (= 5.0.1)
      bundler (>= 1.3.0, < 2.0)
      railties (= 5.0.1)
      sprockets-rails (>= 2.0.0)
    rails-assets-bootstrap (2.3.2)
      rails-assets-jquery (>= 1.8.0, < 2.1.0)
    rails-assets-bootstrap-datepicker (1.6.4)
      rails-assets-jquery (>= 1.7.1)
    rails-assets-bootstrap-datetimepicker (0.0.11)
      rails-assets-bootstrap (>= 2.2.2, < 3.0)
      rails-assets-jquery (>= 1.8.3)
    rails-assets-fontawesome (4.7.0)
    rails-assets-jquery (2.0.3)
    rails-assets-jquery-ui (1.12.1)
      rails-assets-jquery (>= 1.6)
    rails-assets-jquery-ujs (1.2.2)
      rails-assets-jquery (> 1.8)
    rails-assets-moment (2.17.1)
    rails-assets-parsleyjs (2.6.2)
      rails-assets-jquery (> 1.8)
    rails-assets-slick.js (1.6.0)
      rails-assets-jquery (>= 1.7)
    rails-controller-testing (1.0.1)
      actionpack (~> 5.x)
      actionview (~> 5.x)
      activesupport (~> 5.x)
    rails-dom-testing (2.0.2)
      activesupport (>= 4.2.0, < 6.0)
      nokogiri (~> 1.6)
    rails-html-sanitizer (1.0.3)
      loofah (~> 2.0)
    rails_12factor (0.0.3)
      rails_serve_static_assets
      rails_stdout_logging
    rails_autolink (1.1.6)
      rails (> 3.1)
    rails_serve_static_assets (0.0.5)
    rails_stdout_logging (0.0.5)
    railties (5.0.1)
      actionpack (= 5.0.1)
      activesupport (= 5.0.1)
      method_source
      rake (>= 0.8.7)
      thor (>= 0.18.1, < 2.0)
    rainbow (2.2.1)
    raindrops (0.17.0)
    rake (11.3.0)
    rb-fsevent (0.9.8)
    rb-inotify (0.9.8)
      ffi (>= 0.5.0)
    react_on_rails (6.5.0)
      addressable
      connection_pool
      execjs (~> 2.5)
      rails (>= 3.2)
      rainbow (~> 2.1)
    redis (3.3.3)
    redis-actionpack (5.0.1)
      actionpack (>= 4.0, < 6)
      redis-rack (>= 1, < 3)
      redis-store (>= 1.1.0, < 1.4.0)
    redis-activesupport (5.0.1)
      activesupport (>= 3, < 6)
      redis-store (~> 1.2.0)
    redis-namespace (1.5.2)
      redis (~> 3.0, >= 3.0.4)
    redis-rack (2.0.0)
      rack (~> 2.0)
      redis-store (~> 1.2.0)
    redis-rails (5.0.1)
      redis-actionpack (~> 5.0.0)
      redis-activesupport (~> 5.0.0)
      redis-store (~> 1.2.0)
    redis-store (1.2.0)
      redis (>= 2.2)
    representable (2.3.0)
      uber (~> 0.0.7)
    responders (2.3.0)
      railties (>= 4.2.0, < 5.1)
    rest-client (1.8.0)
      http-cookie (>= 1.0.2, < 2.0)
      mime-types (>= 1.16, < 3.0)
      netrc (~> 0.7)
    retriable (2.1.0)
    rly (0.2.3)
    rollbar (2.14.0)
      multi_json
    rqrcode (0.10.1)
      chunky_png (~> 1.0)
    rqrcode_png (0.1.5)
      chunky_png
      rqrcode
    rspec-collection_matchers (1.1.3)
      rspec-expectations (>= 2.99.0.beta1)
    rubyzip (1.0.0)
    rufus-scheduler (3.3.3)
      tzinfo
    sass (3.4.23)
    sass-rails (5.0.6)
      railties (>= 4.0.0, < 6)
      sass (~> 3.1)
      sprockets (>= 2.8, < 4.0)
      sprockets-rails (>= 2.0, < 4.0)
      tilt (>= 1.1, < 3)
    shellany (0.0.1)
    shoulda (3.5.0)
      shoulda-context (~> 1.0, >= 1.0.1)
      shoulda-matchers (>= 1.4.1, < 3.0)
    shoulda-context (1.2.2)
    shoulda-matchers (2.8.0)
      activesupport (>= 3.0.0)
    show_for (0.5.0)
      actionpack (>= 4.1, < 5.1)
      activemodel (>= 4.1, < 5.1)
    sidekiq (4.2.9)
      concurrent-ruby (~> 1.0)
      connection_pool (~> 2.2, >= 2.2.0)
      rack-protection (>= 1.5.0)
      redis (~> 3.2, >= 3.2.1)
    sidekiq-cron (0.4.5)
      redis-namespace (>= 1.5.2)
      rufus-scheduler (>= 2.0.24)
      sidekiq (>= 4.2.1)
    signet (0.7.3)
      addressable (~> 2.3)
      faraday (~> 0.9)
      jwt (~> 1.5)
      multi_json (~> 1.10)
    simple-random (1.0.3)
    simple_form (3.4.0)
      actionpack (> 4, < 5.1)
      activemodel (> 4, < 5.1)
    simplecov (0.13.0)
      docile (~> 1.1.0)
      json (>= 1.8, < 3)
      simplecov-html (~> 0.10.0)
    simplecov-html (0.10.0)
    sixarm_ruby_unaccent (1.1.1)
    slack-notifier (2.0.0)
    slackistrano (3.1.0.beta)
      capistrano (>= 3.5.0)
    slop (3.6.0)
    split (2.2.0)
      redis (>= 2.1)
      simple-random (>= 0.9.3)
      sinatra (>= 1.2.6)
    spring (2.0.1)
      activesupport (>= 4.2)
    spring-watcher-listen (2.0.1)
      listen (>= 2.7, < 4.0)
      spring (>= 1.2, < 3.0)
    sprockets (3.7.1)
      concurrent-ruby (~> 1.0)
      rack (> 1, < 3)
    sprockets-es6 (0.9.2)
      babel-source (>= 5.8.11)
      babel-transpiler
      sprockets (>= 3.0.0)
    sprockets-rails (3.2.0)
      actionpack (>= 4.0)
      activesupport (>= 4.0)
      sprockets (>= 3.0.0)
    sshkit (1.11.5)
      net-scp (>= 1.1.2)
      net-ssh (>= 2.8.0)
    stackdriver-core (0.21.0)
    thor (0.19.4)
    thread_safe (0.3.5)
    tilt (2.0.6)
    turbolinks (5.0.1)
      turbolinks-source (~> 5)
    turbolinks-source (5.0.0)
    tzinfo (1.2.2)
      thread_safe (~> 0.1)
    uber (0.0.15)
    uglifier (3.0.4)
      execjs (>= 0.3.0, < 3)
    unf (0.1.4)
      unf_ext
    unf_ext (0.0.7.2)
    unicorn (5.2.0)
      kgio (~> 2.6)
      raindrops (~> 0.7)
    vanity (2.2.7)
      i18n
    virtus (1.0.5)
      axiom-types (~> 0.1)
      coercible (~> 1.0)
      descendants_tracker (~> 0.0, >= 0.0.3)
      equalizer (~> 0.0, >= 0.0.9)
    warden (1.2.7)
      rack (>= 1.0)
    web-console (3.4.0)
      actionview (>= 5.0)
      activemodel (>= 5.0)
      debug_inspector
      railties (>= 5.0)
    websocket-driver (0.6.5)
      websocket-extensions (>= 0.1.0)
    websocket-extensions (0.1.2)
    xpath (2.0.0)
      nokogiri (~> 1.3)
    zonefile (1.04)

PLATFORMS
  ruby

DEPENDENCIES
  active_model_serializers
  activemodel-serializers-xml
  airbrussh
  annotate
  aws-sdk (~> 2)
  axlsx (= 2.0.1)
  axlsx_rails
  bcrypt (~> 3.1.7)
  better_errors
  binding_of_caller
  byebug
  capistrano (~> 3.1)
  capistrano-bundler (~> 1.1.2)
  capistrano-rails (~> 1.1)
  capistrano-rbenv!
  capybara
  capybara-webkit
  cocoon
  coffee-rails (~> 4.2)
  database_cleaner
  devise
  devise-async
  dragonfly (~> 1.0.12)
  enumerize
  factory_girl_rails
  faker
  ffaker
  figaro
  firebase
  foreman
  friendly_id (~> 5.1.0)
  gcloud
  google-api-client
  grape
  grape-active_model_serializers
  grape-entity
  grape-swagger
  grape-swagger-rails
  guard
  guard-rspec
  has_scope
  hashie-forbidden_attributes
  jbuilder (~> 2.5)
  json!
  jsonapi
  jsonapi-parser (~> 0.1.1.beta2)
  jwt
  kaminari
  knock (~> 2.0)
  koala
  launchy
  listen (~> 3.0.5)
  mailgun
  meta-tags
  meta_request
  mini_racer
  mixpanel-ruby
  monetize
  money
  money-rails
  omise
  omniauth-facebook
  one_signal
  open_uri_redirections
  paperclip!
  paperclip-ffmpeg
  paranoia!
  pg (~> 0.18)
  poltergeist
  pry
  pry-nav
  pry-rails
  pry-stack_explorer
  pry-theme
  puma (~> 3.0)
  rack-attack
  rack-cors
  rails (~> 5.0.0, >= 5.0.0.1)
  rails-assets-bootstrap!
  rails-assets-bootstrap-datepicker!
  rails-assets-bootstrap-datetimepicker!
  rails-assets-fontawesome!
  rails-assets-jquery!
  rails-assets-jquery-ui!
  rails-assets-jquery-ujs!
  rails-assets-moment!
  rails-assets-parsleyjs!
  rails-assets-slick.js!
  rails-controller-testing
  rails_12factor
  rails_autolink
  react_on_rails (~> 6)
  redis (~> 3.0)
  redis-rails
  refile!
  refile-mini_magick!
  rollbar
  rqrcode_png
  rspec-collection_matchers
  rspec-core!
  rspec-expectations!
  rspec-mocks!
  rspec-rails!
  rspec-support!
  rubyzip (= 1.0.0)
  sass-rails (~> 5.0)
  shoulda
  shoulda-matchers
  show_for
  sidekiq
  sidekiq-cron
  simple_form
  simplecov
  sinatra!
  slack-notifier
  slackistrano (= 3.1.0.beta)
  split
  spring
  spring-watcher-listen (~> 2.0.0)
  sprockets (~> 3.0)
  sprockets-es6
  turbolinks (~> 5)
  tzinfo-data
  uglifier (>= 1.3.0)
  unicorn
  vanity
  web-console

RUBY VERSION
   ruby 2.3.3p222

BUNDLED WITH
   1.13.7
